GEM
  remote: http://repo.onescreen.net/ruby-gems/
  remote: https://rubygems.org/
  specs:
    activesupport (4.0.3)
      i18n (~> 0.6, >= 0.6.4)
      minitest (~> 4.2)
      multi_json (~> 1.3)
      thread_safe (~> 0.1)
      tzinfo (~> 0.3.37)
    atomic (1.1.14)
    builder (3.2.2)
    ethon (0.6.3)
      ffi (>= 1.3.0)
      mime-types (~> 1.18)
    excon (0.31.0)
    faraday (0.9.0)
      multipart-post (>= 1.2, < 3)
    ffi (1.9.3)
    i18n (0.6.9)
    log4r (1.1.9pcting)
      builder (>= 2.0.0)
    mime-types (1.25.1)
    mini_portile (0.5.2)
    minitest (4.7.5)
    multi_json (1.8.4)
    multipart-post (2.0.0)
    nokogiri (1.6.1)
      mini_portile (~> 0.5.0)
    onescreen (4.1.11)
      activesupport
      faraday
      i18n
      log4r
      xml-simple
    onescreen-internal (4.0.3)
      onescreen
      xml-simple
    rack (1.5.2)
    rack-protection (1.5.2)
      rack
    rake (0.9.2.2)
    sinatra (1.4.4)
      rack (~> 1.4)
      rack-protection (~> 1.4)
      tilt (~> 1.3, >= 1.3.4)
    thread_safe (0.1.3)
      atomic
    tilt (1.4.1)
    typhoeus (0.6.7)
      ethon (~> 0.6.2)
    tzinfo (0.3.38)
    xml-simple (1.1.3)

PLATFORMS
  ruby

DEPENDENCIES
  excon
  faraday
  nokogiri
  onescreen-internal
  rake
  sinatra
  typhoeus
